GEM
  remote: http://rubygems.org/
  specs:
    addressable (2.2.4)
    faraday (0.5.6)
      addressable (~> 2.2.4)
      multipart-post (~> 1.1.0)
      rack (>= 1.1.0, < 2)
    json (1.5.1)
    multipart-post (1.1.0)
    nokogiri (1.4.4)
    rack (1.2.1)
    sinatra (1.1.2)
      rack (~> 1.1)
      tilt (~> 1.2)
    tilt (1.2.2)
    urban_api (0.2.0)
      faraday (~> 0.5.6)
      nokogiri (~> 1.4.4)

PLATFORMS
  ruby

DEPENDENCIES
  json
  sinatra
  urban_api
